GEM
  remote: http://rubygems.org/
  specs:
    ZenTest (4.4.2)
    autotest (4.4.6)
      ZenTest (>= 4.4.1)
    diff-lcs (1.1.2)
    rcov (0.9.9)
    rspec (2.3.0)
      rspec-core (~> 2.3.0)
      rspec-expectations (~> 2.3.0)
      rspec-mocks (~> 2.3.0)
    rspec-core (2.3.0)
    rspec-expectations (2.3.0)
      diff-lcs (~> 1.1.2)
    rspec-mocks (2.3.0)
    simplecov (0.3.7)
      simplecov-html (>= 0.3.7)
    simplecov-html (0.3.9)
    yard (0.6.4)

PLATFORMS
  ruby

DEPENDENCIES
  autotest
  rcov
  rspec (>= 2.3.0)
  rspec-core (= 2.3.0)
  rspec-expectations (= 2.3.0)
  rspec-mocks (= 2.3.0)
  simplecov
  yard
